GEM
  remote: https://rubygems.org/
  specs:
    rmagick (2.13.4)

PLATFORMS
  ruby

DEPENDENCIES
  rmagick
